GEM
  remote: https://rubygems.org/
  specs:
    extism (1.0.0)
      ffi (>= 1.0.0)
    ffi (1.16.3)
    fiddle (1.1.2)
    get_process_mem (0.2.7)
      ffi (~> 1.0)

PLATFORMS
  x86_64-linux

DEPENDENCIES
  extism (~> 1.0.0)
  ffi
  fiddle
  get_process_mem (~> 0.2.7)

BUNDLED WITH
   2.4.13
